PATH
  remote: .
  specs:
    rollout (2.2.0)

GEM
  remote: https://gems.ruby-china.org/
  specs:
    bourne (1.6.0)
      mocha (~> 1.1)
    coderay (1.1.1)
    diff-lcs (1.3)
    fakeredis (0.6.0)
      redis (~> 3.2)
    git (1.3.0)
    jeweler (1.6.4)
      bundler (~> 1.0)
      git (>= 1.2.5)
      rake
    metaclass (0.0.4)
    method_source (0.8.2)
    mocha (1.2.1)
      metaclass (~> 0.0.1)
    pry (0.10.4)
      coderay (~> 1.1.0)
      method_source (~> 0.8.1)
      slop (~> 3.4)
    rake (12.0.0)
    redis (3.3.3)
    rspec (3.6.0)
      rspec-core (~> 3.6.0)
      rspec-expectations (~> 3.6.0)
      rspec-mocks (~> 3.6.0)
    rspec-core (3.6.0)
      rspec-support (~> 3.6.0)
    rspec-expectations (3.6.0)
      diff-lcs (>= 1.2.0, < 2.0)
      rspec-support (~> 3.6.0)
    rspec-mocks (3.6.0)
      diff-lcs (>= 1.2.0, < 2.0)
      rspec-support (~> 3.6.0)
    rspec-support (3.6.0)
    slop (3.6.0)

PLATFORMS
  ruby

DEPENDENCIES
  bourne
  bundler (>= 1.0.0)
  fakeredis
  jeweler
  mocha
  pry
  rake
  redis
  rollout!
  rspec

BUNDLED WITH
   1.15.1
