GEM
  remote: https://gems.ruby-china.org/
  specs:
    bourne (1.6.0)
      mocha (~> 1.1)
    diff-lcs (1.3)
    metaclass (0.0.4)
    mocha (1.2.1)
      metaclass (~> 0.0.1)
    rake (12.0.0)
    redis (3.3.3)
    rspec (3.6.0)
      rspec-core (~> 3.6.0)
      rspec-expectations (~> 3.6.0)
      rspec-mocks (~> 3.6.0)
    rspec-core (3.6.0)
      rspec-support (~> 3.6.0)
    rspec-expectations (3.6.0)
      diff-lcs (>= 1.2.0, < 2.0)
      rspec-support (~> 3.6.0)
    rspec-mocks (3.6.0)
      diff-lcs (>= 1.2.0, < 2.0)
      rspec-support (~> 3.6.0)
    rspec-support (3.6.0)

PLATFORMS
  ruby

DEPENDENCIES
  bourne
  mocha
  rake
  redis
  rspec

BUNDLED WITH
   1.15.1
